GEM
  remote: https://rubygems.org/
  specs:
    zeitwerk (2.6.6)

PLATFORMS
  arm64-darwin-21
  arm64-darwin-22
  arm64-darwin-24

DEPENDENCIES
  zeitwerk

BUNDLED WITH
   2.3.5
